GIT
  remote: git://github.com/adamcooke/hmrc-moss-return.git
  revision: b6aa53e79078d7f236739b0409f7680c0929a04d
  branch: master
  specs:
    hmrc-moss-return (1.0.0)
      rubyzip (> 1.0, < 2.0)

GEM
  remote: https://rubygems.org/
  specs:
    diff-lcs (1.2.5)
    json (1.8.2)
    rack (1.6.0)
    rspec (3.2.0)
      rspec-core (~> 3.2.0)
      rspec-expectations (~> 3.2.0)
      rspec-mocks (~> 3.2.0)
    rspec-core (3.2.2)
      rspec-support (~> 3.2.0)
    rspec-expectations (3.2.0)
      diff-lcs (>= 1.2.0, < 2.0)
      rspec-support (~> 3.2.0)
    rspec-mocks (3.2.1)
      diff-lcs (>= 1.2.0, < 2.0)
      rspec-support (~> 3.2.0)
    rspec-support (3.2.2)
    rubyzip (1.1.7)

PLATFORMS
  ruby

DEPENDENCIES
  hmrc-moss-return!
  json
  rack
  rspec
